GEM
  remote: https://rubygems.org/
  specs:
<<<<<<< HEAD
    colorator (0.1)
    ffi (1.9.10)
    jekyll (3.1.1)
      colorator (~> 0.1)
=======
    addressable (2.5.1)
      public_suffix (~> 2.0, >= 2.0.2)
    colorator (1.1.0)
    ffi (1.9.18)
    forwardable-extended (2.6.0)
    jekyll (3.4.3)
      addressable (~> 2.4)
      colorator (~> 1.0)
>>>>>>> fc3cf4440b333ece76c1e914d14ad95649484eab
      jekyll-sass-converter (~> 1.0)
      jekyll-watch (~> 1.1)
      kramdown (~> 1.3)
      liquid (~> 3.0)
      mercenary (~> 0.3.3)
<<<<<<< HEAD
      rouge (~> 1.7)
      safe_yaml (~> 1.0)
    jekyll-paginate (1.1.0)
    jekyll-sass-converter (1.4.0)
      sass (~> 3.4)
    jekyll-watch (1.3.1)
      listen (~> 3.0)
    kramdown (1.9.0)
    liquid (3.0.6)
    listen (3.0.5)
      rb-fsevent (>= 0.9.3)
      rb-inotify (>= 0.9)
    mercenary (0.3.5)
    rb-fsevent (0.9.7)
    rb-inotify (0.9.5)
      ffi (>= 0.5.0)
    redcarpet (3.3.4)
    rouge (1.10.1)
    safe_yaml (1.0.4)
    sass (3.4.21)
=======
      pathutil (~> 0.9)
      rouge (~> 1.7)
      safe_yaml (~> 1.0)
    jekyll-feed (0.9.2)
      jekyll (~> 3.3)
    jekyll-sass-converter (1.5.0)
      sass (~> 3.4)
    jekyll-watch (1.5.0)
      listen (~> 3.0, < 3.1)
    kramdown (1.13.2)
    liquid (3.0.6)
    listen (3.0.8)
      rb-fsevent (~> 0.9, >= 0.9.4)
      rb-inotify (~> 0.9, >= 0.9.7)
    mercenary (0.3.6)
    minima (2.1.1)
      jekyll (~> 3.3)
    pathutil (0.14.0)
      forwardable-extended (~> 2.6)
    public_suffix (2.0.5)
    rb-fsevent (0.9.8)
    rb-inotify (0.9.8)
      ffi (>= 0.5.0)
    rouge (1.11.1)
    safe_yaml (1.0.4)
    sass (3.4.24)
>>>>>>> fc3cf4440b333ece76c1e914d14ad95649484eab

PLATFORMS
  ruby

DEPENDENCIES
<<<<<<< HEAD
  jekyll
  jekyll-paginate
  redcarpet

BUNDLED WITH
   1.11.2
=======
  jekyll (= 3.4.3)
  jekyll-feed (~> 0.6)
  minima (~> 2.0)
  tzinfo-data

RUBY VERSION
   ruby 2.0.0p648

BUNDLED WITH
   1.15.0
>>>>>>> fc3cf4440b333ece76c1e914d14ad95649484eab
